PATH
  remote: .
  specs:
    warden-hmac-authentication (0.3.0)
      addressable
      rack
      trollop
      warden

GEM
  remote: http://rubygems.org/
  specs:
    addressable (2.2.6)
    rack (1.2.2)
    rack-test (0.5.7)
      rack (>= 1.0)
    rake (0.9.2)
    rdiscount (1.6.8)
    riot (0.12.3)
      rr
    rr (1.0.2)
    simplecov (0.4.2)
      simplecov-html (~> 0.4.4)
    simplecov-html (0.4.5)
    timecop (0.3.5)
    trollop (1.16.2)
    warden (1.0.3)
      rack (>= 1.0.0)
    yard (0.7.2)

PLATFORMS
  java
  ruby

DEPENDENCIES
  rack-test
  rake
  rdiscount
  riot
  simplecov
  simplecov-html
  timecop
  warden-hmac-authentication!
  yard
