PATH
  remote: .
  specs:
    hmac (1.0)
      addressable
      rack

GEM
  remote: http://rubygems.org/
  specs:
    addressable (2.2.6)
    rack (1.2.2)
    rack-test (0.5.7)
      rack (>= 1.0)
    rake (0.9.2)
    rdiscount (1.6.8)
    riot (0.12.3)
      rr
    rr (1.0.2)
    timecop (0.3.5)
    warden (1.0.3)
      rack (>= 1.0.0)
    yard (0.7.2)

PLATFORMS
  ruby

DEPENDENCIES
  hmac!
  rack
  rack-test
  rake
  rdiscount
  riot
  timecop
  warden
  yard
